PATH
  remote: .
  specs:
    github-mirror (0.0.1)
      json (~> 1.5)
      rack (~> 1.3)

GEM
  remote: http://rubygems.org/
  specs:
    diff-lcs (1.1.2)
    ffi (1.0.9)
    growl (1.0.3)
    guard (0.4.2)
      thor (~> 0.14.6)
    guard-bundler (0.1.3)
      bundler (>= 1.0.0)
      guard (>= 0.2.2)
    guard-rspec (0.4.0)
      guard (>= 0.4.0)
    json (1.5.2)
    libnotify (0.5.5)
    rack (1.3.0)
    rack-test (0.6.0)
      rack (>= 1.0)
    rb-fsevent (0.4.0)
    rb-inotify (0.8.5)
      ffi (>= 0.5.0)
    rspec (2.6.0)
      rspec-core (~> 2.6.0)
      rspec-expectations (~> 2.6.0)
      rspec-mocks (~> 2.6.0)
    rspec-core (2.6.4)
    rspec-expectations (2.6.0)
      diff-lcs (~> 1.1.2)
    rspec-mocks (2.6.0)
    thor (0.14.6)

PLATFORMS
  ruby

DEPENDENCIES
  bundler (~> 1.0)
  github-mirror!
  growl
  guard (~> 0.4)
  guard-bundler (~> 0.1)
  guard-rspec (~> 0.4)
  libnotify
  rack-test (~> 0.6)
  rb-fsevent
  rb-inotify (>= 0.8.5, ~> 0.8)
  rspec (~> 2.6)
